PATH
  remote: ../refile
  specs:
    refile (0.6.2)
      image_processing
      mime-types
      mini_magick
      rest-client (~> 1.8)
      sinatra (>= 1.4.5)

PATH
  remote: ../spina
  specs:
    spina (0.11.1)
      ancestry
      bcrypt
      breadcrumbs_on_rails
      carrierwave
      coffee-rails
      globalize (~> 5.1.0.beta1)
      haml-rails
      jquery-fileupload-rails
      jquery-rails
      kaminari
      mini_magick
      rack-rewrite (~> 1.5.0)
      rails (>= 5.0)
      sass-rails
      turbolinks (~> 5)

PATH
  remote: .
  specs:
    spina-shop (0.1.0)
      bourbon
      delocalize
      email_validator
      pg
      rails (>= 5.0)
      ransack
      refile
      spina
      statesman

GEM
  remote: https://rubygems.org/
  specs:
    actioncable (5.0.2)
      actionpack (= 5.0.2)
      nio4r (>= 1.2, < 3.0)
      websocket-driver (~> 0.6.1)
    actionmailer (5.0.2)
      actionpack (= 5.0.2)
      actionview (= 5.0.2)
      activejob (= 5.0.2)
      mail (~> 2.5, >= 2.5.4)
      rails-dom-testing (~> 2.0)
    actionpack (5.0.2)
      actionview (= 5.0.2)
      activesupport (= 5.0.2)
      rack (~> 2.0)
      rack-test (~> 0.6.3)
      rails-dom-testing (~> 2.0)
      rails-html-sanitizer (~> 1.0, >= 1.0.2)
    actionview (5.0.2)
      activesupport (= 5.0.2)
      builder (~> 3.1)
      erubis (~> 2.7.0)
      rails-dom-testing (~> 2.0)
      rails-html-sanitizer (~> 1.0, >= 1.0.3)
    activejob (5.0.2)
      activesupport (= 5.0.2)
      globalid (>= 0.3.6)
    activemodel (5.0.2)
      activesupport (= 5.0.2)
    activerecord (5.0.2)
      activemodel (= 5.0.2)
      activesupport (= 5.0.2)
      arel (~> 7.0)
    activesupport (5.0.2)
      concurrent-ruby (~> 1.0, >= 1.0.2)
      i18n (~> 0.7)
      minitest (~> 5.1)
      tzinfo (~> 1.1)
    ancestry (2.2.2)
      activerecord (>= 3.0.0)
    arel (7.1.4)
    bcrypt (3.1.11)
    bourbon (4.3.4)
      sass (~> 3.4)
      thor (~> 0.19)
    breadcrumbs_on_rails (3.0.1)
    builder (3.2.3)
    carrierwave (1.1.0)
      activemodel (>= 4.0.0)
      activesupport (>= 4.0.0)
      mime-types (>= 1.16)
    coffee-rails (4.2.1)
      coffee-script (>= 2.2.0)
      railties (>= 4.0.0, < 5.2.x)
    coffee-script (2.4.1)
      coffee-script-source
      execjs
    coffee-script-source (1.12.2)
    concurrent-ruby (1.0.5)
    delocalize (1.1.0)
      rails (>= 2)
    domain_name (0.5.20170404)
      unf (>= 0.0.5, < 1.0.0)
    email_validator (1.6.0)
      activemodel
    erubis (2.7.0)
    execjs (2.7.0)
    globalid (0.4.0)
      activesupport (>= 4.2.0)
    globalize (5.1.0.beta1)
      activemodel (>= 4.2, < 5.1)
      activerecord (>= 4.2, < 5.1)
      request_store (~> 1.0)
    haml (5.0.1)
      temple (>= 0.8.0)
      tilt
    haml-rails (1.0.0)
      actionpack (>= 4.0.1)
      activesupport (>= 4.0.1)
      haml (>= 4.0.6, < 6.0)
      html2haml (>= 1.0.1)
      railties (>= 4.0.1)
    html2haml (2.2.0)
      erubis (~> 2.7.0)
      haml (>= 4.0, < 6)
      nokogiri (>= 1.6.0)
      ruby_parser (~> 3.5)
    http-cookie (1.0.3)
      domain_name (~> 0.5)
    i18n (0.8.1)
    image_processing (0.4.1)
    jquery-fileupload-rails (0.4.7)
      actionpack (>= 3.1)
      railties (>= 3.1)
      sass (>= 3.2)
    jquery-rails (4.3.1)
      rails-dom-testing (>= 1, < 3)
      railties (>= 4.2.0)
      thor (>= 0.14, < 2.0)
    kaminari (1.0.1)
      activesupport (>= 4.1.0)
      kaminari-actionview (= 1.0.1)
      kaminari-activerecord (= 1.0.1)
      kaminari-core (= 1.0.1)
    kaminari-actionview (1.0.1)
      actionview
      kaminari-core (= 1.0.1)
    kaminari-activerecord (1.0.1)
      activerecord
      kaminari-core (= 1.0.1)
    kaminari-core (1.0.1)
    loofah (2.0.3)
      nokogiri (>= 1.5.9)
    mail (2.6.5)
      mime-types (>= 1.16, < 4)
    method_source (0.8.2)
    mime-types (2.99.3)
    mini_magick (4.7.0)
    mini_portile2 (2.1.0)
    minitest (5.10.2)
    mustermann (1.0.0)
    netrc (0.11.0)
    nio4r (2.0.0)
    nokogiri (1.7.2)
      mini_portile2 (~> 2.1.0)
    pg (0.20.0)
    polyamorous (1.3.1)
      activerecord (>= 3.0)
    rack (2.0.3)
    rack-protection (2.0.0)
      rack
    rack-rewrite (1.5.1)
    rack-test (0.6.3)
      rack (>= 1.0)
    rails (5.0.2)
      actioncable (= 5.0.2)
      actionmailer (= 5.0.2)
      actionpack (= 5.0.2)
      actionview (= 5.0.2)
      activejob (= 5.0.2)
      activemodel (= 5.0.2)
      activerecord (= 5.0.2)
      activesupport (= 5.0.2)
      bundler (>= 1.3.0, < 2.0)
      railties (= 5.0.2)
      sprockets-rails (>= 2.0.0)
    rails-dom-testing (2.0.3)
      activesupport (>= 4.2.0)
      nokogiri (>= 1.6)
    rails-html-sanitizer (1.0.3)
      loofah (~> 2.0)
    railties (5.0.2)
      actionpack (= 5.0.2)
      activesupport (= 5.0.2)
      method_source
      rake (>= 0.8.7)
      thor (>= 0.18.1, < 2.0)
    rake (12.0.0)
    ransack (1.8.2)
      actionpack (>= 3.0)
      activerecord (>= 3.0)
      activesupport (>= 3.0)
      i18n
      polyamorous (~> 1.3)
    request_store (1.3.2)
    rest-client (1.8.0)
      http-cookie (>= 1.0.2, < 2.0)
      mime-types (>= 1.16, < 3.0)
      netrc (~> 0.7)
    ruby_parser (3.9.0)
      sexp_processor (~> 4.1)
    sass (3.4.23)
    sass-rails (5.0.6)
      railties (>= 4.0.0, < 6)
      sass (~> 3.1)
      sprockets (>= 2.8, < 4.0)
      sprockets-rails (>= 2.0, < 4.0)
      tilt (>= 1.1, < 3)
    sexp_processor (4.9.0)
    sinatra (2.0.0)
      mustermann (~> 1.0)
      rack (~> 2.0)
      rack-protection (= 2.0.0)
      tilt (~> 2.0)
    sprockets (3.7.1)
      concurrent-ruby (~> 1.0)
      rack (> 1, < 3)
    sprockets-rails (3.2.0)
      actionpack (>= 4.0)
      activesupport (>= 4.0)
      sprockets (>= 3.0.0)
    sqlite3 (1.3.13)
    statesman (2.0.1)
    temple (0.8.0)
    thor (0.19.4)
    thread_safe (0.3.6)
    tilt (2.0.7)
    turbolinks (5.0.1)
      turbolinks-source (~> 5)
    turbolinks-source (5.0.3)
    tzinfo (1.2.3)
      thread_safe (~> 0.1)
    unf (0.1.4)
      unf_ext
    unf_ext (0.0.7.4)
    websocket-driver (0.6.5)
      websocket-extensions (>= 0.1.0)
    websocket-extensions (0.1.2)

PLATFORMS
  ruby

DEPENDENCIES
  rails (= 5.0.2)
  refile!
  spina!
  spina-shop!
  sqlite3

BUNDLED WITH
   1.14.6
